PATH
  remote: .
  specs:
    bunchcli (1.1.7)

GEM
  remote: https://rubygems.org/
  specs:
    rake (12.3.3)

PLATFORMS
  x86_64-darwin-19

DEPENDENCIES
  bunchcli!
  rake (~> 12.0)

BUNDLED WITH
   2.2.4
